GEM
  remote: https://rubygems.org/
  specs:
    mini_portile2 (2.6.1)
    nokogiri (1.12.5)
      mini_portile2 (~> 2.6.1)
      racc (~> 1.4)
    racc (1.6.0)

PLATFORMS
  ruby

DEPENDENCIES
  nokogiri (~> 1.7, >= 1.7.0.1)

RUBY VERSION
   ruby 2.5.5p157

BUNDLED WITH
   1.17.3
